GEM
  remote: http://rubygems.org/
  specs:
    rake (0.9.2.2)
    sugarcube (0.10)

PLATFORMS
  ruby

DEPENDENCIES
  rake
  sugarcube
